GEM
  remote: https://rubygems.org/
  specs:
    addressable (2.8.1)
      public_suffix (>= 2.0.2, < 6.0)
    colorize (0.8.1)
    down (5.4.0)
      addressable (~> 2.8)
    pastel (0.8.0)
      tty-color (~> 0.5)
    public_suffix (5.0.1)
    rubyzip (2.3.2)
    strings (0.2.1)
      strings-ansi (~> 0.2)
      unicode-display_width (>= 1.5, < 3.0)
      unicode_utils (~> 1.4)
    strings-ansi (0.2.0)
    thor (1.2.1)
    tty-color (0.6.0)
    tty-cursor (0.7.1)
    tty-prompt (0.23.1)
      pastel (~> 0.8)
      tty-reader (~> 0.8)
    tty-reader (0.9.0)
      tty-cursor (~> 0.7)
      tty-screen (~> 0.8)
      wisper (~> 2.0)
    tty-screen (0.8.1)
    tty-spinner (0.9.3)
      tty-cursor (~> 0.7)
    tty-table (0.12.0)
      pastel (~> 0.8)
      strings (~> 0.2.0)
      tty-screen (~> 0.8)
    unicode-display_width (2.4.2)
    unicode_utils (1.4.0)
    uri (0.12.0)
    wisper (2.0.1)

PLATFORMS
  x86_64-linux

DEPENDENCIES
  colorize (~> 0.8.1)
  down (~> 5.4)
  rubyzip (~> 2.3)
  thor (~> 1.2)
  tty-prompt (~> 0.23.1)
  tty-spinner (~> 0.9.3)
  tty-table (~> 0.12.0)
  uri (~> 0.12.0)

BUNDLED WITH
   2.4.3
